GEM
  remote: http://rubygems.org/
  specs:
    closure-compiler (0.3.3)
    compass (0.10.5)
      haml (>= 3.0.4)
    haml (3.0.23)
    html5-boilerplate (0.2.4)
      compass (>= 0.10.0)
    jammit (0.5.3)
      closure-compiler (>= 0.1.0)
      yui-compressor (>= 0.9.1)
    rack (1.2.1)
    staticmatic (0.11.0.alpha.10)
      compass (>= 0.10.0)
      haml (>= 2.0.0)
      rack (>= 1.0)
    yui-compressor (0.9.1)

PLATFORMS
  ruby

DEPENDENCIES
  compass (= 0.10.5)
  haml (~> 3.0.23)
  html5-boilerplate (~> 0.2.4)
  jammit (~> 0.5.3)
  staticmatic (= 0.11.0.alpha.10)
